PATH
  remote: vendor/populr_api_ruby
  specs:
    populr (0.1.3)
      rest-client (>= 1.6)

GEM
  remote: https://rubygems.org/
  specs:
    backports (3.3.0)
    binding_of_caller (0.7.1)
      debug_inspector (>= 0.0.1)
    builder (3.2.0)
    coderay (1.0.9)
    debug_inspector (0.0.2)
    eventmachine (1.0.3)
    jwt (0.1.8)
      multi_json (>= 1.5)
    method_source (0.8.1)
    mime-types (1.22)
    multi_json (1.7.2)
    pry (0.9.12)
      coderay (~> 1.0.5)
      method_source (~> 0.8)
      slop (~> 3.4)
    pry-nav (0.2.3)
      pry (~> 0.9.10)
    pry-stack_explorer (0.4.9)
      binding_of_caller (>= 0.7)
      pry (~> 0.9.11)
    rack (1.5.2)
    rack-protection (1.5.0)
      rack
    rack-test (0.6.2)
      rack (>= 1.0)
    rest-client (1.6.7)
      mime-types (>= 1.16)
    sinatra (1.4.2)
      rack (~> 1.5, >= 1.5.2)
      rack-protection (~> 1.4)
      tilt (~> 1.3, >= 1.3.4)
    sinatra-contrib (1.4.0)
      backports (>= 2.0)
      eventmachine
      rack-protection
      rack-test
      sinatra (~> 1.4.2)
      tilt (~> 1.3)
    sinatra-reloader (1.0)
      sinatra-contrib
    slop (3.4.4)
    tilt (1.3.7)
    twilio-ruby (3.9.0)
      builder (>= 2.1.2)
      jwt (>= 0.1.2)
      multi_json (>= 1.3.0)

PLATFORMS
  ruby

DEPENDENCIES
  populr!
  pry
  pry-nav
  pry-stack_explorer
  sinatra
  sinatra-reloader
  twilio-ruby
