PATH
  remote: vendor/populr
  specs:
    populr (0.1.2)
      rest-client (>= 1.6)

GEM
  remote: http://rubygems.org/
  specs:
    backports (3.3.0)
    binding_of_caller (0.6.7)
    coderay (1.0.7)
    eventmachine (1.0.3)
    haml (4.0.2)
      tilt
    method_source (0.8)
    mime-types (1.22)
    pry (0.9.10)
      coderay (~> 1.0.5)
      method_source (~> 0.8)
      slop (~> 3.3.1)
    pry-nav (0.2.2)
      pry (~> 0.9.10)
    pry-stack_explorer (0.4.5)
      binding_of_caller (~> 0.6.2)
    rack (1.5.2)
    rack-protection (1.5.0)
      rack
    rack-test (0.6.2)
      rack (>= 1.0)
    rest-client (1.6.7)
      mime-types (>= 1.16)
    sinatra (1.4.2)
      rack (~> 1.5, >= 1.5.2)
      rack-protection (~> 1.4)
      tilt (~> 1.3, >= 1.3.4)
    sinatra-contrib (1.4.0)
      backports (>= 2.0)
      eventmachine
      rack-protection
      rack-test
      sinatra (~> 1.4.2)
      tilt (~> 1.3)
    sinatra-reloader (1.0)
      sinatra-contrib
    slop (3.3.2)
    tilt (1.3.7)

PLATFORMS
  ruby

DEPENDENCIES
  haml
  populr!
  pry
  pry-nav
  pry-stack_explorer
  sinatra
  sinatra-reloader
